GIT
  remote: git://github.com/finalci/travis-support.git
  revision: 61d556e38746241e2ad22f3521de1454b557d4b9
  specs:
    travis-support (0.0.1)

GIT
  remote: git://github.com/getsentry/raven-ruby.git
  revision: 8e338102938275e96484583c3cce818cc6f05f37
  specs:
    sentry-raven (0.16.0.dev0)
      faraday (>= 0.7.6)

GEM
  remote: https://rubygems.org/
  specs:
    activesupport (3.2.21)
      i18n (~> 0.6, >= 0.6.4)
      multi_json (~> 1.0)
    amq-protocol (1.9.2)
    atomic (1.1.99)
    atomic (1.1.99-java)
    avl_tree (1.2.1)
      atomic (~> 1.1)
    bunny (1.7.0)
      amq-protocol (>= 1.9.2)
    celluloid (0.16.0)
      timers (~> 4.0.0)
    connection_pool (2.2.0)
    diff-lcs (1.2.5)
    faraday (0.9.2)
      multipart-post (>= 1.2, < 3)
    hashr (0.0.22)
    hitimes (1.2.3)
    hitimes (1.2.3-java)
    httpclient (2.7.0)
    i18n (0.7.0)
    json (1.8.3)
    json (1.8.3-java)
    kgio (2.9.3)
    metriks (0.9.9.7)
      atomic (~> 1.0)
      avl_tree (~> 1.2.0)
      hitimes (~> 1.1)
    multi_json (1.11.0)
    multipart-post (2.0.0)
    pg (0.18.1)
    pusher (0.14.6)
      httpclient (~> 2.5)
      multi_json (~> 1.0)
      pusher-signature (~> 0.1.8)
    pusher-signature (0.1.8)
    rack (1.6.4)
    rack-protection (1.5.3)
      rack
    rack-ssl (1.3.4)
      rack
    rack-test (0.6.3)
      rack (>= 1.0)
    raindrops (0.14.0)
    rake (10.4.2)
    redis (3.2.1)
    redis-namespace (1.5.2)
      redis (~> 3.0, >= 3.0.4)
    rspec (2.14.1)
      rspec-core (~> 2.14.0)
      rspec-expectations (~> 2.14.0)
      rspec-mocks (~> 2.14.0)
    rspec-core (2.14.8)
    rspec-expectations (2.14.5)
      diff-lcs (>= 1.1.3, < 2.0)
    rspec-mocks (2.14.6)
    sequel (4.28.0)
    sidekiq (3.4.2)
      celluloid (~> 0.16.0)
      connection_pool (~> 2.2, >= 2.2.0)
      json (~> 1.0)
      redis (~> 3.2, >= 3.2.1)
      redis-namespace (~> 1.5, >= 1.5.2)
    sinatra (1.4.6)
      rack (~> 1.4)
      rack-protection (~> 1.4)
      tilt (>= 1.3, < 3)
    tilt (2.0.1)
    timers (4.0.1)
      hitimes
    travis-config (0.1.0)
      hashr (~> 0.0)
    unicorn (4.9.0)
      kgio (~> 2.6)
      rack
      raindrops (~> 0.7)

PLATFORMS
  java
  ruby

DEPENDENCIES
  activesupport (~> 3.2)
  bunny (~> 1.7.0)
  connection_pool
  metriks
  multi_json
  pg
  pusher
  rack-ssl
  rack-test
  rake
  rspec (~> 2.14.1)
  sentry-raven!
  sequel (~> 4.28.0)
  sidekiq
  sinatra (~> 1.4)
  travis-config (~> 0.1.0)
  travis-support!
  unicorn

BUNDLED WITH
   1.10.6
