GIT
  remote: git://github.com/finalci/travis-support.git
  revision: e496e14fb6bba39a0c1a8dcee9b935ce9e7de481
  specs:
    travis-support (0.0.1)

GEM
  remote: https://rubygems.org/
  specs:
    activemodel (3.2.21)
      activesupport (= 3.2.21)
      builder (~> 3.0.0)
    activerecord (3.2.21)
      activemodel (= 3.2.21)
      activesupport (= 3.2.21)
      arel (~> 3.0.2)
      tzinfo (~> 0.3.29)
    activerecord-jdbc-adapter (1.3.15)
      activerecord (>= 2.2)
    activerecord-jdbcpostgresql-adapter (1.3.15)
      activerecord-jdbc-adapter (~> 1.3.15)
      jdbc-postgres (>= 9.1)
    activesupport (3.2.21)
      i18n (~> 0.6, >= 0.6.4)
      multi_json (~> 1.0)
    amq-protocol (1.9.2)
    arel (3.0.3)
    atomic (1.1.99)
    atomic (1.1.99-java)
    avl_tree (1.2.1)
      atomic (~> 1.1)
    builder (3.0.4)
    bunny (1.7.0)
      amq-protocol (>= 1.9.2)
    diff-lcs (1.2.5)
    hashr (0.0.22)
    hitimes (1.2.3)
    hitimes (1.2.3-java)
    i18n (0.7.0)
    jdbc-postgres (9.3.1101)
    march_hare (2.3.0-java)
    metriks (0.9.9.7)
      atomic (~> 1.0)
      avl_tree (~> 1.2.0)
      hitimes (~> 1.1)
    multi_json (1.11.0)
    pg (0.18.1)
    rspec (2.14.1)
      rspec-core (~> 2.14.0)
      rspec-expectations (~> 2.14.0)
      rspec-mocks (~> 2.14.0)
    rspec-core (2.14.8)
    rspec-expectations (2.14.5)
      diff-lcs (>= 1.1.3, < 2.0)
    rspec-mocks (2.14.6)
    travis-config (0.1.0)
      hashr (~> 0.0)
    tzinfo (0.3.44)

PLATFORMS
  java
  ruby

DEPENDENCIES
  activerecord-jdbc-adapter
  activerecord-jdbcpostgresql-adapter
  activesupport (~> 3.2)
  bunny (~> 1.7.0)
  jdbc-postgres (= 9.3.1101)
  march_hare (~> 2.3.0)
  metriks
  multi_json
  pg
  rspec (~> 2.14.1)
  travis-config (~> 0.1.0)
  travis-support!
